GIT
  remote: https://github.com/turekj/synx
  revision: f7b7e79eaa455867ea6bbe38cb05c3492e237bc1
  branch: v0.3
  specs:
    synx (0.3.0)
      clamp (~> 0.6)
      colorize (~> 0.7)
      xcodeproj (~> 1.0)

GEM
  remote: https://rubygems.org/
  specs:
    CFPropertyList (2.3.5)
    claide (1.0.1)
    clamp (0.6.5)
    colored2 (3.1.2)
    colorize (0.8.1)
    nanaimo (0.2.3)
    xcodeproj (1.4.4)
      CFPropertyList (~> 2.3.3)
      claide (>= 1.0.1, < 2.0)
      colored2 (~> 3.1)
      nanaimo (~> 0.2.3)

PLATFORMS
  ruby

DEPENDENCIES
  synx!

BUNDLED WITH
   1.14.6
